GEM
  remote: https://rubygems.org/
  specs:
    bubble-wrap (1.1.4)
    formotion (1.1.5)
      bubble-wrap (>= 1.1.4)
    rake (10.0.1)

PLATFORMS
  java
  ruby

DEPENDENCIES
  bubble-wrap
  formotion
  rake
